GEM
  remote: https://rubygems.org/
  specs:
    builder (3.2.4)
    fakes3 (2.0.0)
      builder
      thor
      xml-simple
    rexml (3.2.5)
    thor (1.2.2)
    xml-simple (1.1.9)
      rexml

PLATFORMS
  x86_64-linux

DEPENDENCIES
  fakes3

BUNDLED WITH
   2.4.17
