GEM
  remote: https://rubygems.org/
  specs:
    builder (3.2.4)
    fakes3 (2.0.0)
      builder
      thor
      xml-simple
    ffi (1.15.4)
    rb-inotify (0.10.1)
      ffi (~> 1.0)
    thor (1.1.0)
    xml-simple (1.1.8)

PLATFORMS
  x86_64-linux

DEPENDENCIES
  fakes3
  rb-inotify

BUNDLED WITH
   2.2.20
