GEM
  remote: https://rubygems.org/
  specs:
    coderay (1.1.3)
    ffi (1.14.1)
    method_source (1.0.0)
    pry (0.13.1)
      coderay (~> 1.1)
      method_source (~> 1.0)
    rb-inotify (0.10.1)
      ffi (~> 1.0)

PLATFORMS
  ruby

DEPENDENCIES
  pry
  rb-inotify

BUNDLED WITH
   2.1.4
